GEM
  remote: http://rubygems.org/
  specs:
    RedCloth (4.2.7)
    RedCloth (4.2.7-java)
    aaronh-chronic (0.3.9)
    abstract (1.0.0)
    actionmailer (3.0.4)
      actionpack (= 3.0.4)
      mail (~> 2.2.15)
    actionpack (3.0.4)
      activemodel (= 3.0.4)
      activesupport (= 3.0.4)
      builder (~> 2.1.2)
      erubis (~> 2.6.6)
      i18n (~> 0.4)
      rack (~> 1.2.1)
      rack-mount (~> 0.6.13)
      rack-test (~> 0.5.7)
      tzinfo (~> 0.3.23)
    activemodel (3.0.4)
      activesupport (= 3.0.4)
      builder (~> 2.1.2)
      i18n (~> 0.4)
    activerecord (3.0.4)
      activemodel (= 3.0.4)
      activesupport (= 3.0.4)
      arel (~> 2.0.2)
      tzinfo (~> 0.3.23)
    activerecord-jdbc-adapter (1.2.0)
    activerecord-jdbcsqlite3-adapter (1.2.0)
      activerecord-jdbc-adapter (~> 1.2.0)
      jdbc-sqlite3 (~> 3.7.2)
    activeresource (3.0.4)
      activemodel (= 3.0.4)
      activesupport (= 3.0.4)
    activesupport (3.0.4)
    arel (2.0.8)
    bouncy-castle-java (1.5.0146.1)
    builder (2.1.2)
    coderay (0.9.7)
    cucumber (0.10.0)
      builder (>= 2.1.2)
      diff-lcs (~> 1.1.2)
      gherkin (~> 2.3.2)
      json (~> 1.4.6)
      term-ansicolor (~> 1.0.5)
    cucumber-rails (0.3.2)
      cucumber (>= 0.8.0)
    diff-lcs (1.1.2)
    erubis (2.6.6)
      abstract (>= 1.0.0)
    factory_girl (1.3.3)
    formtastic (1.2.3)
      actionpack (>= 2.3.7)
      activesupport (>= 2.3.7)
      i18n (~> 0.4)
    gherkin (2.3.3)
      json (~> 1.4.6)
    gherkin (2.3.3-java)
      json (~> 1.4.6)
    hpricot (0.8.3)
    hpricot (0.8.3-java)
    i18n (0.5.0)
    jdbc-sqlite3 (3.7.2)
    jruby-openssl (0.7.4)
      bouncy-castle-java
    jruby-rack (1.0.10)
    json (1.4.6)
    json (1.4.6-java)
    lesstile (1.0.1)
    mail (2.2.15)
      activesupport (>= 2.3.6)
      i18n (>= 0.4.0)
      mime-types (~> 1.16)
      treetop (~> 1.4.8)
    mime-types (1.16)
    nokogiri (1.4.4)
    nokogiri (1.4.4-java)
      weakling (>= 0.0.3)
    polyglot (0.3.1)
    rack (1.2.1)
    rack-mount (0.6.13)
      rack (>= 1.0.0)
    rack-openid (1.2.0)
      rack (>= 1.1.0)
      ruby-openid (>= 2.1.8)
    rack-test (0.5.7)
      rack (>= 1.0)
    rails (3.0.4)
      actionmailer (= 3.0.4)
      actionpack (= 3.0.4)
      activerecord (= 3.0.4)
      activeresource (= 3.0.4)
      activesupport (= 3.0.4)
      bundler (~> 1.0)
      railties (= 3.0.4)
    railties (3.0.4)
      actionpack (= 3.0.4)
      activesupport (= 3.0.4)
      rake (>= 0.8.7)
      thor (~> 0.14.4)
    rake (0.8.7)
    rspec (2.5.0)
      rspec-core (~> 2.5.0)
      rspec-expectations (~> 2.5.0)
      rspec-mocks (~> 2.5.0)
    rspec-core (2.5.1)
    rspec-expectations (2.5.0)
      diff-lcs (~> 1.1.2)
    rspec-mocks (2.5.0)
    rspec-rails (2.5.0)
      actionpack (~> 3.0)
      activesupport (~> 3.0)
      railties (~> 3.0)
      rspec (~> 2.5.0)
    ruby-openid (2.1.8)
    sqlite3 (1.3.3)
    sqlite3-ruby (1.3.3)
      sqlite3 (>= 1.3.3)
    term-ansicolor (1.0.5)
    thor (0.14.6)
    treetop (1.4.9)
      polyglot (>= 0.3.1)
    trinidad (1.2.3)
      jruby-rack (>= 1.0.9)
      trinidad_jars (>= 1.0.1)
    trinidad_jars (1.0.1)
    tzinfo (0.3.24)
    weakling (0.0.4-java)
    webrat (0.7.3)
      nokogiri (>= 1.2.0)
      rack (>= 1.0)
      rack-test (>= 0.5.3)
    will_paginate (3.0.pre2)

PLATFORMS
  java
  ruby

DEPENDENCIES
  RedCloth (= 4.2.7)
  aaronh-chronic
  activerecord-jdbcsqlite3-adapter
  coderay
  cucumber-rails
  factory_girl
  formtastic
  hpricot
  jruby-openssl
  lesstile
  rack-openid
  rails (= 3.0.4)
  rspec
  rspec-rails
  ruby-openid
  sqlite3-ruby
  trinidad
  webrat
  will_paginate (= 3.0.pre2)
