GEM
  remote: http://rubygems.org/
  specs:
    RedCloth (4.2.7)
    aaronh-chronic (0.3.9)
    abstract (1.0.0)
    actionmailer (3.0.6)
      actionpack (= 3.0.6)
      mail (~> 2.2.15)
    actionpack (3.0.6)
      activemodel (= 3.0.6)
      activesupport (= 3.0.6)
      builder (~> 2.1.2)
      erubis (~> 2.6.6)
      i18n (~> 0.5.0)
      rack (~> 1.2.1)
      rack-mount (~> 0.6.14)
      rack-test (~> 0.5.7)
      tzinfo (~> 0.3.23)
    activemodel (3.0.6)
      activesupport (= 3.0.6)
      builder (~> 2.1.2)
      i18n (~> 0.5.0)
    activerecord (3.0.6)
      activemodel (= 3.0.6)
      activesupport (= 3.0.6)
      arel (~> 2.0.2)
      tzinfo (~> 0.3.23)
    activeresource (3.0.6)
      activemodel (= 3.0.6)
      activesupport (= 3.0.6)
    activesupport (3.0.6)
    arel (2.0.9)
    builder (2.1.2)
    coderay (0.9.7)
    cucumber (0.10.2)
      builder (>= 2.1.2)
      diff-lcs (>= 1.1.2)
      gherkin (>= 2.3.5)
      json (>= 1.4.6)
      term-ansicolor (>= 1.0.5)
    cucumber-rails (0.4.1)
      cucumber (>= 0.10.1)
      nokogiri (>= 1.4.4)
      rack-test (>= 0.5.7)
    diff-lcs (1.1.2)
    erubis (2.6.6)
      abstract (>= 1.0.0)
    factory_girl (1.3.3)
    formtastic (1.2.3)
      actionpack (>= 2.3.7)
      activesupport (>= 2.3.7)
      i18n (~> 0.4)
    gherkin (2.3.5)
      json (>= 1.4.6)
    hpricot (0.8.4)
    i18n (0.5.0)
    json (1.5.1)
    lesstile (1.0.1)
    mail (2.2.15)
      activesupport (>= 2.3.6)
      i18n (>= 0.4.0)
      mime-types (~> 1.16)
      treetop (~> 1.4.8)
    mime-types (1.16)
    nokogiri (1.4.4)
    polyglot (0.3.1)
    rack (1.2.2)
    rack-mount (0.6.14)
      rack (>= 1.0.0)
    rack-openid (1.3.1)
      rack (>= 1.1.0)
      ruby-openid (>= 2.1.8)
    rack-test (0.5.7)
      rack (>= 1.0)
    rails (3.0.6)
      actionmailer (= 3.0.6)
      actionpack (= 3.0.6)
      activerecord (= 3.0.6)
      activeresource (= 3.0.6)
      activesupport (= 3.0.6)
      bundler (~> 1.0)
      railties (= 3.0.6)
    railties (3.0.6)
      actionpack (= 3.0.6)
      activesupport (= 3.0.6)
      rake (>= 0.8.7)
      thor (~> 0.14.4)
    rake (0.8.7)
    rspec (2.5.0)
      rspec-core (~> 2.5.0)
      rspec-expectations (~> 2.5.0)
      rspec-mocks (~> 2.5.0)
    rspec-core (2.5.1)
    rspec-expectations (2.5.0)
      diff-lcs (~> 1.1.2)
    rspec-mocks (2.5.0)
    rspec-rails (2.5.0)
      actionpack (~> 3.0)
      activesupport (~> 3.0)
      railties (~> 3.0)
      rspec (~> 2.5.0)
    ruby-openid (2.1.8)
    sqlite3 (1.3.3)
    sqlite3-ruby (1.3.3)
      sqlite3 (>= 1.3.3)
    term-ansicolor (1.0.5)
    thor (0.14.6)
    treetop (1.4.9)
      polyglot (>= 0.3.1)
    tzinfo (0.3.26)
    webrat (0.7.3)
      nokogiri (>= 1.2.0)
      rack (>= 1.0)
      rack-test (>= 0.5.3)
    will_paginate (3.0.pre2)

PLATFORMS
  ruby

DEPENDENCIES
  RedCloth
  aaronh-chronic
  coderay
  cucumber-rails
  factory_girl
  formtastic
  hpricot
  lesstile
  rack-openid
  rails (= 3.0.6)
  rspec
  rspec-rails
  ruby-openid
  sqlite3-ruby
  webrat
  will_paginate (= 3.0.pre2)
